PATH
  remote: .
  specs:
    sidekiq-pool (2.0.1)
      sidekiq (>= 3.0, < 7.0)

GEM
  remote: https://rubygems.org/
  specs:
    addressable (2.8.0)
      public_suffix (>= 2.0.2, < 5.0)
    ast (2.4.2)
    coderay (1.1.3)
    connection_pool (2.2.5)
    diff-lcs (1.5.0)
    faraday (1.10.0)
      faraday-em_http (~> 1.0)
      faraday-em_synchrony (~> 1.0)
      faraday-excon (~> 1.1)
      faraday-httpclient (~> 1.0)
      faraday-multipart (~> 1.0)
      faraday-net_http (~> 1.0)
      faraday-net_http_persistent (~> 1.0)
      faraday-patron (~> 1.0)
      faraday-rack (~> 1.0)
      faraday-retry (~> 1.0)
      ruby2_keywords (>= 0.0.4)
    faraday-em_http (1.0.0)
    faraday-em_synchrony (1.0.0)
    faraday-excon (1.1.0)
    faraday-httpclient (1.0.1)
    faraday-multipart (1.0.3)
      multipart-post (>= 1.2, < 3)
    faraday-net_http (1.0.1)
    faraday-net_http_persistent (1.2.0)
    faraday-patron (1.0.0)
    faraday-rack (1.0.0)
    faraday-retry (1.0.3)
    gitlab (4.18.0)
      httparty (~> 0.18)
      terminal-table (>= 1.5.1)
    httparty (0.21.0)
      mini_mime (>= 1.0.0)
      multi_xml (>= 0.5.2)
    method_source (1.0.0)
    mini_mime (1.1.2)
    multi_xml (0.6.0)
    multipart-post (2.1.1)
    octokit (4.22.0)
      faraday (>= 0.9)
      sawyer (~> 0.8.0, >= 0.5.3)
    parallel (1.21.0)
    parser (3.1.1.0)
      ast (~> 2.4.1)
    pronto (0.11.0)
      gitlab (~> 4.4, >= 4.4.0)
      httparty (>= 0.13.7)
      octokit (~> 4.7, >= 4.7.0)
      rainbow (>= 2.2, < 4.0)
      rexml (~> 3.2)
      rugged (>= 0.23.0, < 1.1.0)
      thor (>= 0.20.3, < 2.0)
    pronto-rubocop (0.11.1)
      pronto (~> 0.11.0)
      rubocop (>= 0.63.1, < 2.0)
    pry (0.14.1)
      coderay (~> 1.1)
      method_source (~> 1.0)
    public_suffix (4.0.6)
    rack (2.2.6.4)
    rainbow (3.1.1)
    rake (13.0.6)
    redis (4.6.0)
    regexp_parser (2.2.1)
    rexml (3.2.5)
    rspec (3.11.0)
      rspec-core (~> 3.11.0)
      rspec-expectations (~> 3.11.0)
      rspec-mocks (~> 3.11.0)
    rspec-core (3.11.0)
      rspec-support (~> 3.11.0)
    rspec-expectations (3.11.0)
      diff-lcs (>= 1.2.0, < 2.0)
      rspec-support (~> 3.11.0)
    rspec-mocks (3.11.0)
      diff-lcs (>= 1.2.0, < 2.0)
      rspec-support (~> 3.11.0)
    rspec-support (3.11.0)
    rubocop (1.26.0)
      parallel (~> 1.10)
      parser (>= 3.1.0.0)
      rainbow (>= 2.2.2, < 4.0)
      regexp_parser (>= 1.8, < 3.0)
      rexml
      rubocop-ast (>= 1.16.0, < 2.0)
      ruby-progressbar (~> 1.7)
      unicode-display_width (>= 1.4.0, < 3.0)
    rubocop-ast (1.16.0)
      parser (>= 3.1.1.0)
    ruby-progressbar (1.11.0)
    ruby2_keywords (0.0.5)
    rugged (1.0.1)
    sawyer (0.8.2)
      addressable (>= 2.3.5)
      faraday (> 0.8, < 2.0)
    sidekiq (6.4.1)
      connection_pool (>= 2.2.2)
      rack (~> 2.0)
      redis (>= 4.2.0)
    terminal-table (3.0.2)
      unicode-display_width (>= 1.1.1, < 3)
    thor (1.2.1)
    unicode-display_width (2.1.0)

PLATFORMS
  ruby

DEPENDENCIES
  bundler
  pronto-rubocop (~> 0.10)
  pry
  rake (~> 13.0)
  rspec (~> 3.0)
  sidekiq-pool!

BUNDLED WITH
   2.2.33
